GEM
  remote: http://rubygems.org/
  specs:
    aws-sdk (2.9.27)
      aws-sdk-resources (= 2.9.27)
    aws-sdk-core (2.9.27)
      aws-sigv4 (~> 1.0)
      jmespath (~> 1.0)
    aws-sdk-resources (2.9.27)
      aws-sdk-core (= 2.9.27)
    aws-sigv4 (1.0.0)
    builder (3.2.2)
    colored (1.2)
    cri (2.7.0)
      colored (~> 1.2)
    jmespath (1.3.1)
    kramdown (1.9.0)
    mime-types (3.0)
      mime-types-data (~> 3.2015)
    mime-types-data (3.2015.1120)
    nanoc (3.8.0)
      cri (~> 2.3)
    rack (1.6.4)
    rdiscount (2.1.8)
    systemu (2.6.5)

PLATFORMS
  ruby

DEPENDENCIES
  aws-sdk (~> 2)
  builder
  kramdown
  mime-types
  nanoc (< 4)
  rack
  rdiscount
  systemu

BUNDLED WITH
   1.15.0
