GEM
  remote: http://rubygems.org/
  specs:
    adsf (1.2.1)
      rack (>= 1.0.0)
    aws-sdk (2.9.27)
      aws-sdk-resources (= 2.9.27)
    aws-sdk-core (2.9.27)
      aws-sigv4 (~> 1.0)
      jmespath (~> 1.0)
    aws-sdk-resources (2.9.27)
      aws-sdk-core (= 2.9.27)
    aws-sigv4 (1.0.0)
    builder (3.2.2)
    coderay (1.1.1)
    colored (1.2)
    cri (2.7.0)
      colored (~> 1.2)
    ffi (1.9.18)
    formatador (0.2.5)
    guard (2.14.1)
      formatador (>= 0.2.4)
      listen (>= 2.7, < 4.0)
      lumberjack (~> 1.0)
      nenv (~> 0.1)
      notiffany (~> 0.0)
      pry (>= 0.9.12)
      shellany (~> 0.0)
      thor (>= 0.18.1)
    jmespath (1.3.1)
    kramdown (1.9.0)
    listen (3.1.5)
      rb-fsevent (~> 0.9, >= 0.9.4)
      rb-inotify (~> 0.9, >= 0.9.7)
      ruby_dep (~> 1.2)
    lumberjack (1.0.12)
    method_source (0.8.2)
    mime-types (3.0)
      mime-types-data (~> 3.2015)
    mime-types-data (3.2015.1120)
    nanoc (3.8.0)
      cri (~> 2.3)
    nenv (0.3.0)
    notiffany (0.1.1)
      nenv (~> 0.1)
      shellany (~> 0.0)
    pry (0.10.4)
      coderay (~> 1.1.0)
      method_source (~> 0.8.1)
      slop (~> 3.4)
    rack (1.6.4)
    rb-fsevent (0.9.8)
    rb-inotify (0.9.8)
      ffi (>= 0.5.0)
    rdiscount (2.1.8)
    ruby_dep (1.5.0)
    shellany (0.0.1)
    slop (3.6.0)
    systemu (2.6.5)
    thor (0.19.4)

PLATFORMS
  ruby

DEPENDENCIES
  adsf
  aws-sdk (~> 2)
  builder
  guard
  kramdown
  mime-types
  nanoc (< 4)
  rack
  rdiscount
  systemu

BUNDLED WITH
   1.15.0
